GEM
  remote: https://rubygems.org/
  specs:
    colorize (0.8.1)
    daemons (1.4.1)
    eventmachine (1.2.7)
    help_parser (8.1.221206)
    mustermann (3.0.0)
      ruby2_keywords (~> 0.0.1)
    power_assert (2.0.3)
    rack (2.2.6.2)
    rack-protection (3.0.5)
      rack
    rouge (4.0.1)
    ruby2_keywords (0.0.5)
    sinatra (3.0.5)
      mustermann (~> 3.0)
      rack (~> 2.2, >= 2.2.4)
      rack-protection (= 3.0.5)
      tilt (~> 2.0)
    test-unit (3.5.7)
      power_assert
    thin (1.8.1)
      daemons (~> 1.0, >= 1.0.9)
      eventmachine (~> 1.0, >= 1.0.4)
      rack (>= 1, < 3)
    tilt (2.0.11)

PLATFORMS
  aarch64-linux

DEPENDENCIES
  colorize
  help_parser
  rouge
  sinatra
  test-unit
  thin

RUBY VERSION
   ruby 3.2.0p0

BUNDLED WITH
   2.4.5
